GEM
  remote: https://rubygems.org/
  specs:
    minitest (5.3.5)
    term-ansicolor (1.3.0)
      tins (~> 1.0)
    tins (1.3.0)

PLATFORMS
  ruby

DEPENDENCIES
  minitest (~> 5.3.4)
  term-ansicolor (~> 1.3.0)
